GEM
  remote: https://rubygems.org/
  specs:
    backports (3.11.3)
    benchmark-ips (2.7.2)
    derailed (0.1.0)
      derailed_benchmarks
    derailed_benchmarks (1.3.4)
      benchmark-ips (~> 2)
      get_process_mem (~> 0)
      heapy (~> 0)
      memory_profiler (~> 0)
      rack (>= 1)
      rake (> 10, < 13)
      thor (~> 0.19)
    get_process_mem (0.2.1)
    heapy (0.1.3)
    json (2.1.0)
    memory_profiler (0.9.10)
    multi_json (1.13.1)
    mustermann (1.0.2)
    newrelic_rpm (5.0.0.342)
    puma (3.11.4)
    rack (2.0.5)
    rack-protection (2.0.1)
      rack
    rack-ssl (1.4.1)
      rack
    rack-test (1.0.0)
      rack (>= 1.0, < 3)
    rake (12.3.1)
    redis (4.0.1)
    require_all (2.0.0)
    sinatra (2.0.1)
      mustermann (~> 1.0)
      rack (~> 2.0)
      rack-protection (= 2.0.1)
      tilt (~> 2.0)
    sinatra-contrib (2.0.1)
      backports (>= 2.0)
      multi_json
      mustermann (~> 1.0)
      rack-protection (= 2.0.1)
      sinatra (= 2.0.1)
      tilt (>= 1.3, < 3)
    thor (0.20.0)
    tilt (2.0.8)
    tunemygc (1.0.71)

PLATFORMS
  ruby

DEPENDENCIES
  derailed
  json
  newrelic_rpm
  puma
  rack-ssl
  rack-test
  rake
  redis
  require_all
  sinatra
  sinatra-contrib
  tunemygc

BUNDLED WITH
   1.16.1
